GEM
  remote: https://rubygems.org/
  specs:
    addressable (2.8.7)
      public_suffix (>= 2.0.2, < 7.0)
    base64 (0.3.0)
    bigdecimal (3.2.3)
    colorator (1.1.0)
    concurrent-ruby (1.3.5)
    csv (3.3.5)
    em-websocket (0.5.3)
      eventmachine (>= 0.12.9)
      http_parser.rb (~> 0)
    eventmachine (1.2.7)
    execjs (2.10.0)
    ffi (1.17.2-arm64-darwin)
    forwardable-extended (2.6.0)
    google-protobuf (4.32.1-arm64-darwin)
      bigdecimal
      rake (>= 13)
    htmlbeautifier (1.4.3)
    htmlcompressor (0.4.0)
    http_parser.rb (0.8.0)
    hyde-decap (0.1.1)
    hyde-page-css (0.7.0)
    hyde-page-html (0.1.0)
      htmlbeautifier (~> 1.4, >= 1.4.3)
      htmlcompressor (~> 0.4.0)
      w3c_validators (~> 1.3, >= 1.3.7)
    hyde-page-js (0.4.1)
      terser (~> 1.1)
    i18n (1.14.7)
      concurrent-ruby (~> 1.0)
    jekyll (4.4.1)
      addressable (~> 2.4)
      base64 (~> 0.2)
      colorator (~> 1.0)
      csv (~> 3.0)
      em-websocket (~> 0.5)
      i18n (~> 1.0)
      jekyll-sass-converter (>= 2.0, < 4.0)
      jekyll-watch (~> 2.0)
      json (~> 2.6)
      kramdown (~> 2.3, >= 2.3.1)
      kramdown-parser-gfm (~> 1.0)
      liquid (~> 4.0)
      mercenary (~> 0.3, >= 0.3.6)
      pathutil (~> 0.9)
      rouge (>= 3.0, < 5.0)
      safe_yaml (~> 1.0)
      terminal-table (>= 1.8, < 4.0)
      webrick (~> 1.7)
    jekyll-compose (0.12.0)
      jekyll (>= 3.7, < 5.0)
    jekyll-contentblocks (1.2.0)
      jekyll
    jekyll-feed (0.17.0)
      jekyll (>= 3.7, < 5.0)
    jekyll-sass-converter (3.1.0)
      sass-embedded (~> 1.75)
    jekyll-sitemap (1.4.0)
      jekyll (>= 3.7, < 5.0)
    jekyll-watch (2.2.1)
      listen (~> 3.0)
    json (2.15.0)
    kramdown (2.5.1)
      rexml (>= 3.3.9)
    kramdown-parser-gfm (1.1.0)
      kramdown (~> 2.0)
    liquid (4.0.4)
    listen (3.9.0)
      rb-fsevent (~> 0.10, >= 0.10.3)
      rb-inotify (~> 0.9, >= 0.9.10)
    mercenary (0.4.0)
    nokogiri (1.18.10-arm64-darwin)
      racc (~> 1.4)
    pathutil (0.16.2)
      forwardable-extended (~> 2.6)
    public_suffix (6.0.2)
    racc (1.8.1)
    rake (13.3.0)
    rb-fsevent (0.11.2)
    rb-inotify (0.11.1)
      ffi (~> 1.0)
    rexml (3.4.4)
    rouge (4.6.1)
    safe_yaml (1.0.5)
    sass-embedded (1.93.2-arm64-darwin)
      google-protobuf (~> 4.31)
    terminal-table (3.0.2)
      unicode-display_width (>= 1.1.1, < 3)
    terser (1.2.6)
      execjs (>= 0.3.0, < 3)
    unicode-display_width (2.6.0)
    w3c_validators (1.3.7)
      json (>= 1.8)
      nokogiri (~> 1.6)
      rexml (~> 3.2)
    webrick (1.9.1)

PLATFORMS
  arm64-darwin

DEPENDENCIES
  http_parser.rb (~> 0.6.0)
  hyde-decap
  hyde-page-css
  hyde-page-html
  hyde-page-js
  jekyll (~> 4.3)
  jekyll-compose
  jekyll-contentblocks
  jekyll-feed
  jekyll-sitemap
  tzinfo (>= 1, < 3)
  tzinfo-data

BUNDLED WITH
   2.6.9
